GIT
  remote: git://github.com/hybridgroup/artoo-arduino.git
  revision: 4c981023ae7bf9f5f9ff97a3f925a05fa2c38f20
  specs:
    artoo-arduino (1.2.0)
      artoo (~> 1.2.0)
      artoo-gpio
      artoo-i2c
      hybridgroup-firmata (~> 0.4.5)

GIT
  remote: git://github.com/hybridgroup/artoo-digispark.git
  revision: f6bff58097f24ec21501b12b9fc3669b68c312da
  specs:
    artoo-digispark (0.2.0)
      artoo (~> 1.2.0)
      artoo-gpio
      artoo-i2c
      littlewire (~> 0.9.10)

GIT
  remote: git://github.com/hybridgroup/artoo-i2c.git
  revision: 365b8d1107f38eb731518d8abf545cf1640090ff
  specs:
    artoo-i2c (0.2.0)
      artoo (~> 1.2.0)

GIT
  remote: git://github.com/hybridgroup/artoo-leapmotion.git
  revision: 3d306b8dd361a4319acc58f822c654d99730f18e
  specs:
    artoo-leapmotion (0.2.0)
      artoo (~> 1.2.0)
      hybridgroup-celluloid-websocket-client

GIT
  remote: git://github.com/hybridgroup/artoo-opencv.git
  revision: 2c49141205f9aba1701a2c3b59526d08c0f8c86c
  specs:
    artoo-opencv (0.0.1)
      artoo (~> 1.2.0)
      ruby-opencv (~> 0.0.10)

GEM
  remote: https://rubygems.org/
  specs:
    addressable (2.3.5)
    artoo (1.2.1)
      celluloid (~> 0.15.0)
      celluloid-io (~> 0.15.0)
      multi_json (~> 1.6)
      pry (~> 0.9)
      rake (~> 10.0)
      reel (~> 0.4.0)
      thor (~> 0.18.1)
    artoo-gpio (0.2.0)
      artoo (~> 1.2.0)
    backports (3.3.4)
    celluloid (0.15.1)
      timers (~> 1.1.0)
    celluloid-io (0.15.0)
      celluloid (>= 0.15.0)
      nio4r (>= 0.5.0)
    coderay (1.0.9)
    colorist (0.0.2)
    dotenv (0.9.0)
    ethon (0.6.1)
      ffi (>= 1.3.0)
      mime-types (~> 1.18)
    event_emitter (0.2.5)
    faraday (0.8.8)
      multipart-post (~> 1.2.0)
    faraday_middleware (0.9.0)
      faraday (>= 0.7.4, < 0.9)
    ffi (1.9.0)
    foreman (0.63.0)
      dotenv (>= 0.7)
      thor (>= 0.13.6)
    gh (0.13.0)
      addressable
      backports
      faraday (~> 0.8)
      multi_json (~> 1.0)
      net-http-persistent (>= 2.7)
      net-http-pipeline
    highline (1.6.19)
    http (0.5.0)
      http_parser.rb
    http_parser.rb (0.6.0.beta.2)
    hybridgroup-celluloid-websocket-client (0.0.3)
      celluloid-io
      websocket-driver
    hybridgroup-firmata (0.4.5)
      event_emitter
    launchy (2.3.0)
      addressable (~> 2.3)
    libusb (0.3.4)
      ffi (>= 1.0)
    littlewire (0.9.10)
      colorist (>= 0.0.2)
      libusb (>= 0.2.0)
      thor (>= 0.18.1)
    method_source (0.8.2)
    mime-types (1.25)
    multi_json (1.8.0)
    multipart-post (1.2.0)
    net-http-persistent (2.9)
    net-http-pipeline (1.0.1)
    netrc (0.7.7)
    nio4r (0.5.0)
    pry (0.9.12.2)
      coderay (~> 1.0.5)
      method_source (~> 0.8)
      slop (~> 3.4)
    pusher-client (0.3.1)
      ruby-hmac (~> 0.4.0)
      websocket (~> 1.0.0)
    rake (10.1.0)
    reel (0.4.0)
      celluloid (>= 0.15.1)
      celluloid-io (>= 0.15.0)
      http (>= 0.5.0)
      http_parser.rb (>= 0.6.0.beta.2)
      websocket_parser (>= 0.1.4)
    ruby-hmac (0.4.0)
    ruby-opencv (0.0.10)
    slop (3.4.6)
    terminal-notifier (1.5.1)
    thor (0.18.1)
    timers (1.1.0)
    travis (1.5.4)
      backports
      faraday (~> 0.8.7)
      faraday_middleware (~> 0.9)
      gh (~> 0.13)
      highline (~> 1.6)
      launchy (~> 2.1)
      netrc (~> 0.7)
      pry (~> 0.9)
      pusher-client (~> 0.3, >= 0.3.1)
      terminal-notifier (>= 1.4.2)
      typhoeus (~> 0.6)
    typhoeus (0.6.5)
      ethon (~> 0.6.1)
    websocket (1.0.7)
    websocket-driver (0.3.0)
    websocket_parser (0.1.4)
      http

PLATFORMS
  ruby

DEPENDENCIES
  artoo
  artoo-arduino!
  artoo-digispark!
  artoo-i2c!
  artoo-leapmotion!
  artoo-opencv!
  ffi
  foreman
  travis
